GEM
  remote: https://rubygems.org/
  specs:
    haml (3.1.7)
    rake (0.9.2.2)
    sass (3.2.1)

PLATFORMS
  ruby

DEPENDENCIES
  haml
  rake
  sass
